GEM
  remote: https://rubygems.org/
  specs:
    citrus (3.0.2)
    toml-rb (2.2.0)
      citrus (~> 3.0, > 3.0)

PLATFORMS
  ruby

DEPENDENCIES
  toml-rb

BUNDLED WITH
   1.17.2
